GIT
  remote: https://github.com/truealisa/rg_hw_codebreaker
  revision: 97cf3d0112903d87e4797fb1aa46d8756c94680a
  branch: feature/codebreaker_game
  specs:
    rg_hw_codebreaker (0.1.0)

GEM
  remote: https://rubygems.org/
  specs:
    puma (3.12.0)
    rack (2.0.5)

PLATFORMS
  ruby

DEPENDENCIES
  puma
  rack
  rg_hw_codebreaker!

RUBY VERSION
   ruby 2.5.1p57

BUNDLED WITH
   1.16.2
