GIT
  remote: https://github.com/truealisa/rg_hw_codebreaker
  revision: 8793b6d59e3bdc814b097eb1bfb051d560e04c8b
  branch: feature/codebreaker_game
  specs:
    rg_hw_codebreaker (0.1.0)

GEM
  remote: https://rubygems.org/
  specs:
    rack (2.0.5)

PLATFORMS
  ruby

DEPENDENCIES
  rack
  rg_hw_codebreaker!

BUNDLED WITH
   1.16.2
